GEM
  remote: https://rubygems.org/
  specs:
    activemodel (8.0.0)
      activesupport (= 8.0.0)
    activerecord (8.0.0)
      activemodel (= 8.0.0)
      activesupport (= 8.0.0)
      timeout (>= 0.4.0)
    activesupport (8.0.0)
      base64
      benchmark (>= 0.3)
      bigdecimal
      concurrent-ruby (~> 1.0, >= 1.3.1)
      connection_pool (>= 2.2.5)
      drb
      i18n (>= 1.6, < 2)
      logger (>= 1.4.2)
      minitest (>= 5.1)
      securerandom (>= 0.3)
      tzinfo (~> 2.0, >= 2.0.5)
      uri (>= 0.13.1)
    base64 (0.2.0)
    benchmark (0.4.0)
    bigdecimal (3.1.8)
    concurrent-ruby (1.3.4)
    connection_pool (2.4.1)
    cronex (0.15.0)
      tzinfo
      unicode (>= 0.4.4.5)
    database_cleaner (2.1.0)
      database_cleaner-active_record (>= 2, < 3)
    database_cleaner-active_record (2.2.0)
      activerecord (>= 5.a)
      database_cleaner-core (~> 2.0.0)
    database_cleaner-core (2.0.1)
    date (3.4.1)
    debug (1.9.2)
      irb (~> 1.10)
      reline (>= 0.3.8)
    diff-lcs (1.5.1)
    dotenv (3.1.4)
    drb (2.2.1)
    dry-core (1.0.2)
      concurrent-ruby (~> 1.0)
      logger
      zeitwerk (~> 2.6)
    dry-inflector (1.1.0)
    dry-logic (1.5.0)
      concurrent-ruby (~> 1.0)
      dry-core (~> 1.0, < 2)
      zeitwerk (~> 2.6)
    dry-struct (1.6.0)
      dry-core (~> 1.0, < 2)
      dry-types (>= 1.7, < 2)
      ice_nine (~> 0.11)
      zeitwerk (~> 2.6)
    dry-types (1.7.2)
      bigdecimal (~> 3.0)
      concurrent-ruby (~> 1.0)
      dry-core (~> 1.0)
      dry-inflector (~> 1.0)
      dry-logic (~> 1.4)
      zeitwerk (~> 2.6)
    et-orbi (1.2.11)
      tzinfo
    factory_bot (6.5.1)
      activesupport (>= 6.1.0)
    faker (3.5.1)
      i18n (>= 1.8.11, < 2)
    faraday (2.12.2)
      faraday-net_http (>= 2.0, < 3.5)
      json
      logger
    faraday-multipart (1.0.4)
      multipart-post (~> 2)
    faraday-net_http (3.4.0)
      net-http (>= 0.5.0)
    fugit (1.11.1)
      et-orbi (~> 1, >= 1.2.11)
      raabro (~> 1.4)
    globalid (1.2.1)
      activesupport (>= 6.1)
    i18n (1.14.6)
      concurrent-ruby (~> 1.0)
    ice_nine (0.11.2)
    io-console (0.8.0)
    irb (1.14.1)
      rdoc (>= 4.0.0)
      reline (>= 0.4.2)
    json (2.9.0)
    logger (1.6.2)
    minitest (5.25.4)
    multipart-post (2.4.1)
    net-http (0.6.0)
      uri
    pg (1.5.9)
    psych (5.2.1)
      date
      stringio
    raabro (1.4.0)
    rack (3.1.8)
    rake (13.2.1)
    rdoc (6.8.1)
      psych (>= 4.0.0)
    redis (5.3.0)
      redis-client (>= 0.22.0)
    redis-client (0.23.0)
      connection_pool
    redis-prescription (2.6.0)
    reline (0.5.12)
      io-console (~> 0.5)
    rspec (3.13.0)
      rspec-core (~> 3.13.0)
      rspec-expectations (~> 3.13.0)
      rspec-mocks (~> 3.13.0)
    rspec-core (3.13.2)
      rspec-support (~> 3.13.0)
    rspec-expectations (3.13.3)
      diff-lcs (>= 1.2.0, < 2.0)
      rspec-support (~> 3.13.0)
    rspec-mocks (3.13.2)
      diff-lcs (>= 1.2.0, < 2.0)
      rspec-support (~> 3.13.0)
    rspec-support (3.13.2)
    securerandom (0.4.0)
    sidekiq (7.3.6)
      connection_pool (>= 2.3.0)
      logger
      rack (>= 2.2.4)
      redis-client (>= 0.22.2)
    sidekiq-cron (2.0.1)
      cronex (>= 0.13.0)
      fugit (~> 1.8, >= 1.11.1)
      globalid (>= 1.0.1)
      sidekiq (>= 6.5.0)
    sidekiq-limit_fetch (4.4.1)
      sidekiq (>= 6)
    sidekiq-throttled (1.5.2)
      concurrent-ruby (>= 1.2.0)
      redis-prescription (~> 2.2)
      sidekiq (>= 6.5)
    stringio (3.1.2)
    telegram-bot-ruby (2.2.0)
      dry-struct (~> 1.6)
      faraday (~> 2.0)
      faraday-multipart (~> 1.0)
      zeitwerk (~> 2.6)
    timecop (0.9.10)
    timeout (0.4.2)
    tzinfo (2.0.6)
      concurrent-ruby (~> 1.0)
    unicode (0.4.4.5)
    uri (1.0.2)
    zeitwerk (2.7.1)

PLATFORMS
  ruby
  x86_64-linux

DEPENDENCIES
  activerecord (~> 8.0)
  activesupport (~> 8.0)
  database_cleaner
  debug (~> 1.9)
  dotenv (~> 3.1)
  factory_bot
  faker
  i18n (~> 1.14)
  pg (~> 1.5)
  rake (~> 13.2)
  redis (~> 5.3)
  rspec
  sidekiq (~> 7.3)
  sidekiq-cron (~> 2.0)
  sidekiq-limit_fetch (~> 4.4)
  sidekiq-throttled (~> 1.5)
  telegram-bot-ruby (~> 2.2)
  timecop

BUNDLED WITH
   2.5.11
